PATH
  remote: .
  specs:
    phcscriptcdn (4.3.5)
      bootstrap-sass (~> 3.3, >= 3.3.7)
      carrierwave (~> 1.0)
      cloudinary (~> 1.6)
      country_select (~> 3.0)
      font-awesome-rails (~> 4.7, >= 4.7.0.1)
      gravtastic (~> 3.2, >= 3.2.6)
      jquery-rails (~> 4.2, >= 4.2.2)
      jquery-ui-rails (~> 6.0, >= 6.0.1)
      multi_json (~> 1.12, >= 1.12.1)
      oj (~> 2.18, >= 2.18.2)
      paper_trail (~> 6.0, >= 6.0.2)
      pg (~> 0.19.0)
      phcadmin3 (~> 1.7, >= 1.7.2)
      phcnotifi (~> 3.9, >= 3.9.1)
      phctitleseo (~> 4.3, >= 4.3.1)
      rabl (~> 0.13.1)
      rails (~> 5.0, >= 5.0.2)
      responders (~> 2.3)
      sass-rails (~> 5.0, >= 5.0.6)
      tinymce-rails (~> 4.5, >= 4.5.5)

GEM
  remote: https://rubygems.org/
  specs:
    actioncable (5.0.2)
      actionpack (= 5.0.2)
      nio4r (>= 1.2, < 3.0)
      websocket-driver (~> 0.6.1)
    actionmailer (5.0.2)
      actionpack (= 5.0.2)
      actionview (= 5.0.2)
      activejob (= 5.0.2)
      mail (~> 2.5, >= 2.5.4)
      rails-dom-testing (~> 2.0)
    actionpack (5.0.2)
      actionview (= 5.0.2)
      activesupport (= 5.0.2)
      rack (~> 2.0)
      rack-test (~> 0.6.3)
      rails-dom-testing (~> 2.0)
      rails-html-sanitizer (~> 1.0, >= 1.0.2)
    actionview (5.0.2)
      activesupport (= 5.0.2)
      builder (~> 3.1)
      erubis (~> 2.7.0)
      rails-dom-testing (~> 2.0)
      rails-html-sanitizer (~> 1.0, >= 1.0.3)
    activejob (5.0.2)
      activesupport (= 5.0.2)
      globalid (>= 0.3.6)
    activemodel (5.0.2)
      activesupport (= 5.0.2)
    activerecord (5.0.2)
      activemodel (= 5.0.2)
      activesupport (= 5.0.2)
      arel (~> 7.0)
    activesupport (5.0.2)
      concurrent-ruby (~> 1.0, >= 1.0.2)
      i18n (~> 0.7)
      minitest (~> 5.1)
      tzinfo (~> 1.1)
    addressable (2.5.0)
      public_suffix (~> 2.0, >= 2.0.2)
    arel (7.1.4)
    autoprefixer-rails (6.7.7)
      execjs
    aws_cf_signer (0.1.3)
    bootstrap-sass (3.3.7)
      autoprefixer-rails (>= 5.2.1)
      sass (>= 3.3.4)
    builder (3.2.3)
    byebug (9.0.6)
    capybara (2.12.1)
      addressable
      mime-types (>= 1.16)
      nokogiri (>= 1.3.3)
      rack (>= 1.0.0)
      rack-test (>= 0.5.4)
      xpath (~> 2.0)
    carrierwave (1.0.0)
      activemodel (>= 4.0.0)
      activesupport (>= 4.0.0)
      mime-types (>= 1.16)
    childprocess (0.6.2)
      ffi (~> 1.0, >= 1.0.11)
    cloudinary (1.6.0)
      aws_cf_signer
      rest-client
    concurrent-ruby (1.0.5)
    countries (2.0.8)
      i18n_data (~> 0.7.0)
      money (~> 6.7)
      sixarm_ruby_unaccent (~> 1.1)
      unicode_utils (~> 1.4)
    country_select (3.0.0)
      countries (~> 2.0)
      sort_alphabetical (~> 1.0)
    database_cleaner (1.5.3)
    diff-lcs (1.3)
    domain_name (0.5.20170223)
      unf (>= 0.0.5, < 1.0.0)
    erubis (2.7.0)
    execjs (2.7.0)
    factory_girl (4.8.0)
      activesupport (>= 3.0.0)
    factory_girl_rails (4.8.0)
      factory_girl (~> 4.8.0)
      railties (>= 3.0.0)
    faker (1.7.3)
      i18n (~> 0.5)
    ffi (1.9.18)
    font-awesome-rails (4.7.0.1)
      railties (>= 3.2, < 5.1)
    globalid (0.3.7)
      activesupport (>= 4.1.0)
    gravtastic (3.2.6)
    http-cookie (1.0.3)
      domain_name (~> 0.5)
    i18n (0.8.1)
    i18n_data (0.7.0)
    jquery-rails (4.2.2)
      rails-dom-testing (>= 1, < 3)
      railties (>= 4.2.0)
      thor (>= 0.14, < 2.0)
    jquery-ui-rails (6.0.1)
      railties (>= 3.2.16)
    launchy (2.4.3)
      addressable (~> 2.3)
    loofah (2.0.3)
      nokogiri (>= 1.5.9)
    mail (2.6.4)
      mime-types (>= 1.16, < 4)
    method_source (0.8.2)
    mime-types (3.1)
      mime-types-data (~> 3.2015)
    mime-types-data (3.2016.0521)
    mini_portile2 (2.1.0)
    minitest (5.10.1)
    money (6.8.2)
      i18n (>= 0.6.4, < 0.9)
      sixarm_ruby_unaccent (>= 1.1.1, < 2)
    multi_json (1.12.1)
    netrc (0.11.0)
    nio4r (2.0.0)
    nokogiri (1.7.0.1)
      mini_portile2 (~> 2.1.0)
    oj (2.18.2)
    paper_trail (6.0.2)
      activerecord (>= 4.0, < 5.2)
      request_store (~> 1.1)
    pg (0.19.0)
    phcadmin3 (1.7.2)
      bootstrap-sass (~> 3.3, >= 3.3.7)
      country_select (~> 3.0)
      font-awesome-rails (~> 4.7, >= 4.7.0.1)
      gravtastic (~> 3.2, >= 3.2.6)
      jquery-rails (~> 4.2, >= 4.2.2)
      jquery-ui-rails (~> 6.0, >= 6.0.1)
      paper_trail (~> 6.0, >= 6.0.2)
      pg (~> 0.19.0)
      rails (~> 5.0, >= 5.0.2)
      sass-rails (~> 5.0, >= 5.0.6)
      tinymce-rails (~> 4.5, >= 4.5.5)
    phcnotifi (3.9.1)
      bootstrap-sass (~> 3.3, >= 3.3.7)
      country_select (~> 3.0)
      font-awesome-rails (~> 4.7, >= 4.7.0.1)
      gravtastic (~> 3.2, >= 3.2.6)
      jquery-rails (~> 4.2, >= 4.2.2)
      jquery-ui-rails (~> 6.0, >= 6.0.1)
      paper_trail (~> 6.0, >= 6.0.2)
      pg (~> 0.19.0)
      rails (~> 5.0, >= 5.0.2)
      sass-rails (~> 5.0, >= 5.0.6)
    phctitleseo (4.3.1)
      bootstrap-sass (~> 3.3, >= 3.3.7)
      country_select (~> 3.0)
      font-awesome-rails (~> 4.7, >= 4.7.0.1)
      gravtastic (~> 3.2, >= 3.2.6)
      jquery-rails (~> 4.2, >= 4.2.2)
      jquery-ui-rails (~> 6.0, >= 6.0.1)
      paper_trail (~> 6.0, >= 6.0.2)
      pg (~> 0.19.0)
      rails (~> 5.0, >= 5.0.2)
      sass-rails (~> 5.0, >= 5.0.6)
    public_suffix (2.0.5)
    rabl (0.13.1)
      activesupport (>= 2.3.14)
    rack (2.0.1)
    rack-test (0.6.3)
      rack (>= 1.0)
    rails (5.0.2)
      actioncable (= 5.0.2)
      actionmailer (= 5.0.2)
      actionpack (= 5.0.2)
      actionview (= 5.0.2)
      activejob (= 5.0.2)
      activemodel (= 5.0.2)
      activerecord (= 5.0.2)
      activesupport (= 5.0.2)
      bundler (>= 1.3.0, < 2.0)
      railties (= 5.0.2)
      sprockets-rails (>= 2.0.0)
    rails-dom-testing (2.0.2)
      activesupport (>= 4.2.0, < 6.0)
      nokogiri (~> 1.6)
    rails-html-sanitizer (1.0.3)
      loofah (~> 2.0)
    railties (5.0.2)
      actionpack (= 5.0.2)
      activesupport (= 5.0.2)
      method_source
      rake (>= 0.8.7)
      thor (>= 0.18.1, < 2.0)
    rake (12.0.0)
    request_store (1.3.2)
    responders (2.3.0)
      railties (>= 4.2.0, < 5.1)
    rest-client (2.0.1)
      http-cookie (>= 1.0.2, < 2.0)
      mime-types (>= 1.16, < 4.0)
      netrc (~> 0.8)
    rspec-core (3.5.4)
      rspec-support (~> 3.5.0)
    rspec-expectations (3.5.0)
      diff-lcs (>= 1.2.0, < 2.0)
      rspec-support (~> 3.5.0)
    rspec-mocks (3.5.0)
      diff-lcs (>= 1.2.0, < 2.0)
      rspec-support (~> 3.5.0)
    rspec-rails (3.5.2)
      actionpack (>= 3.0)
      activesupport (>= 3.0)
      railties (>= 3.0)
      rspec-core (~> 3.5.0)
      rspec-expectations (~> 3.5.0)
      rspec-mocks (~> 3.5.0)
      rspec-support (~> 3.5.0)
    rspec-support (3.5.0)
    rubyzip (1.2.1)
    sass (3.4.23)
    sass-rails (5.0.6)
      railties (>= 4.0.0, < 6)
      sass (~> 3.1)
      sprockets (>= 2.8, < 4.0)
      sprockets-rails (>= 2.0, < 4.0)
      tilt (>= 1.1, < 3)
    selenium-webdriver (3.3.0)
      childprocess (~> 0.5)
      rubyzip (~> 1.0)
      websocket (~> 1.0)
    sixarm_ruby_unaccent (1.1.1)
    sort_alphabetical (1.1.0)
      unicode_utils (>= 1.2.2)
    sprockets (3.7.1)
      concurrent-ruby (~> 1.0)
      rack (> 1, < 3)
    sprockets-rails (3.2.0)
      actionpack (>= 4.0)
      activesupport (>= 4.0)
      sprockets (>= 3.0.0)
    sqlite3 (1.3.13)
    thor (0.19.4)
    thread_safe (0.3.6)
    tilt (2.0.6)
    tinymce-rails (4.5.5)
      railties (>= 3.1.1)
    tzinfo (1.2.2)
      thread_safe (~> 0.1)
    unf (0.1.4)
      unf_ext
    unf_ext (0.0.7.2)
    unicode_utils (1.4.0)
    websocket (1.2.4)
    websocket-driver (0.6.5)
      websocket-extensions (>= 0.1.0)
    websocket-extensions (0.1.2)
    xpath (2.0.0)
      nokogiri (~> 1.3)

PLATFORMS
  ruby

DEPENDENCIES
  byebug (~> 9.0, >= 9.0.6)
  capybara (~> 2.12, >= 2.12.1)
  database_cleaner (~> 1.5, >= 1.5.3)
  factory_girl_rails (~> 4.8)
  faker (~> 1.7, >= 1.7.3)
  launchy (~> 2.4, >= 2.4.3)
  phcscriptcdn!
  rspec-rails (~> 3.5, >= 3.5.2)
  selenium-webdriver (~> 3.3)
  sqlite3 (~> 1.3, >= 1.3.13)

BUNDLED WITH
   1.14.6
