PATH
  remote: .
  specs:
    phcscriptcdn (10.1.0)
      bootstrap-sass (~> 3.3, >= 3.3.7)
      carrierwave (~> 1.1)
      cloudinary (~> 1.8, >= 1.8.1)
      country_select (~> 3.0)
      font-awesome-rails (~> 4.7, >= 4.7.0.2)
      friendly_id (~> 5.2, >= 5.2.1)
      gravtastic (~> 3.2, >= 3.2.6)
      jquery-rails (~> 4.3, >= 4.3.1)
      jquery-ui-rails (~> 6.0, >= 6.0.1)
      multi_json (~> 1.12, >= 1.12.1)
      oj (~> 3.3, >= 3.3.2)
      paper_trail (~> 7.1)
      pg (~> 0.21.0)
      phcadmin1 (~> 10.5, >= 10.5.2)
      phcadmin2 (~> 8.5, >= 8.5.2)
      phcadmin3 (~> 5.5, >= 5.5.2)
      phcnotifi (~> 6.3, >= 6.3.2)
      phctheme1 (~> 14.5, >= 14.5.2)
      phctheme2 (~> 5.7, >= 5.7.2)
      phctitleseo (~> 7.3, >= 7.3.2)
      rabl (~> 0.13.1)
      rails (~> 5.1, >= 5.1.2)
      responders (~> 2.4)
      sass-rails (~> 5.0, >= 5.0.6)
      tinymce-rails (~> 4.6, >= 4.6.4)
      webpacker (~> 2.0)

GEM
  remote: https://rubygems.org/
  specs:
    actioncable (5.1.2)
      actionpack (= 5.1.2)
      nio4r (~> 2.0)
      websocket-driver (~> 0.6.1)
    actionmailer (5.1.2)
      actionpack (= 5.1.2)
      actionview (= 5.1.2)
      activejob (= 5.1.2)
      mail (~> 2.5, >= 2.5.4)
      rails-dom-testing (~> 2.0)
    actionpack (5.1.2)
      actionview (= 5.1.2)
      activesupport (= 5.1.2)
      rack (~> 2.0)
      rack-test (~> 0.6.3)
      rails-dom-testing (~> 2.0)
      rails-html-sanitizer (~> 1.0, >= 1.0.2)
    actionview (5.1.2)
      activesupport (= 5.1.2)
      builder (~> 3.1)
      erubi (~> 1.4)
      rails-dom-testing (~> 2.0)
      rails-html-sanitizer (~> 1.0, >= 1.0.3)
    activejob (5.1.2)
      activesupport (= 5.1.2)
      globalid (>= 0.3.6)
    activemodel (5.1.2)
      activesupport (= 5.1.2)
    activerecord (5.1.2)
      activemodel (= 5.1.2)
      activesupport (= 5.1.2)
      arel (~> 8.0)
    activesupport (5.1.2)
      concurrent-ruby (~> 1.0, >= 1.0.2)
      i18n (~> 0.7)
      minitest (~> 5.1)
      tzinfo (~> 1.1)
    addressable (2.5.1)
      public_suffix (~> 2.0, >= 2.0.2)
    arel (8.0.0)
    autoprefixer-rails (7.1.2.3)
      execjs
    aws_cf_signer (0.1.3)
    bootstrap-sass (3.3.7)
      autoprefixer-rails (>= 5.2.1)
      sass (>= 3.3.4)
    builder (3.2.3)
    byebug (9.0.6)
    capybara (2.14.4)
      addressable
      mime-types (>= 1.16)
      nokogiri (>= 1.3.3)
      rack (>= 1.0.0)
      rack-test (>= 0.5.4)
      xpath (~> 2.0)
    carrierwave (1.1.0)
      activemodel (>= 4.0.0)
      activesupport (>= 4.0.0)
      mime-types (>= 1.16)
    childprocess (0.7.1)
      ffi (~> 1.0, >= 1.0.11)
    cloudinary (1.8.1)
      aws_cf_signer
      rest-client
    concurrent-ruby (1.0.5)
    countries (2.0.8)
      i18n_data (~> 0.7.0)
      money (~> 6.7)
      sixarm_ruby_unaccent (~> 1.1)
      unicode_utils (~> 1.4)
    country_select (3.1.0)
      countries (~> 2.0)
      sort_alphabetical (~> 1.0)
    database_cleaner (1.6.1)
    diff-lcs (1.3)
    domain_name (0.5.20170404)
      unf (>= 0.0.5, < 1.0.0)
    erubi (1.6.1)
    execjs (2.7.0)
    factory_girl (4.8.0)
      activesupport (>= 3.0.0)
    factory_girl_rails (4.8.0)
      factory_girl (~> 4.8.0)
      railties (>= 3.0.0)
    faker (1.8.4)
      i18n (~> 0.5)
    ffi (1.9.18)
    font-awesome-rails (4.7.0.2)
      railties (>= 3.2, < 5.2)
    friendly_id (5.2.1)
      activerecord (>= 4.0.0)
    globalid (0.4.0)
      activesupport (>= 4.2.0)
    gravtastic (3.2.6)
    http-cookie (1.0.3)
      domain_name (~> 0.5)
    i18n (0.8.6)
    i18n_data (0.7.0)
    jquery-rails (4.3.1)
      rails-dom-testing (>= 1, < 3)
      railties (>= 4.2.0)
      thor (>= 0.14, < 2.0)
    jquery-ui-rails (6.0.1)
      railties (>= 3.2.16)
    launchy (2.4.3)
      addressable (~> 2.3)
    loofah (2.0.3)
      nokogiri (>= 1.5.9)
    mail (2.6.6)
      mime-types (>= 1.16, < 4)
    method_source (0.8.2)
    mime-types (3.1)
      mime-types-data (~> 3.2015)
    mime-types-data (3.2016.0521)
    mini_portile2 (2.2.0)
    minitest (5.10.2)
    money (6.9.0)
      i18n (>= 0.6.4, < 0.9)
    multi_json (1.12.1)
    netrc (0.11.0)
    nio4r (2.1.0)
    nokogiri (1.8.0)
      mini_portile2 (~> 2.2.0)
    oj (3.3.2)
    paper_trail (7.1.0)
      activerecord (>= 4.0, < 5.2)
      request_store (~> 1.1)
    pg (0.21.0)
    phcadmin1 (10.5.2)
      bootstrap-sass (~> 3.3, >= 3.3.7)
      country_select (~> 3.0)
      font-awesome-rails (~> 4.7, >= 4.7.0.2)
      gravtastic (~> 3.2, >= 3.2.6)
      jquery-rails (~> 4.3, >= 4.3.1)
      jquery-ui-rails (~> 6.0, >= 6.0.1)
      paper_trail (~> 7.1)
      pg (~> 0.21.0)
      rails (~> 5.1, >= 5.1.2)
      sass-rails (~> 5.0, >= 5.0.6)
      tinymce-rails (~> 4.6, >= 4.6.4)
      webpacker (~> 2.0)
    phcadmin2 (8.5.2)
      bootstrap-sass (~> 3.3, >= 3.3.7)
      country_select (~> 3.0)
      font-awesome-rails (~> 4.7, >= 4.7.0.2)
      gravtastic (~> 3.2, >= 3.2.6)
      jquery-rails (~> 4.3, >= 4.3.1)
      jquery-ui-rails (~> 6.0, >= 6.0.1)
      paper_trail (~> 7.1)
      pg (~> 0.21.0)
      rails (~> 5.1, >= 5.1.2)
      sass-rails (~> 5.0, >= 5.0.6)
      tinymce-rails (~> 4.6, >= 4.6.4)
      webpacker (~> 2.0)
    phcadmin3 (5.5.2)
      bootstrap-sass (~> 3.3, >= 3.3.7)
      country_select (~> 3.0)
      font-awesome-rails (~> 4.7, >= 4.7.0.2)
      gravtastic (~> 3.2, >= 3.2.6)
      jquery-rails (~> 4.3, >= 4.3.1)
      jquery-ui-rails (~> 6.0, >= 6.0.1)
      paper_trail (~> 7.1)
      pg (~> 0.21.0)
      rails (~> 5.1, >= 5.1.2)
      sass-rails (~> 5.0, >= 5.0.6)
      tinymce-rails (~> 4.6, >= 4.6.4)
      webpacker (~> 2.0)
    phcnotifi (6.3.2)
      bootstrap-sass (~> 3.3, >= 3.3.7)
      font-awesome-rails (~> 4.7, >= 4.7.0.2)
      jquery-rails (~> 4.3, >= 4.3.1)
      jquery-ui-rails (~> 6.0, >= 6.0.1)
      paper_trail (~> 7.1)
      pg (~> 0.21.0)
      rails (~> 5.1, >= 5.1.2)
      sass-rails (~> 5.0, >= 5.0.6)
      webpacker (~> 2.0)
    phctheme1 (14.5.2)
      bootstrap-sass (~> 3.3, >= 3.3.7)
      country_select (~> 3.0)
      font-awesome-rails (~> 4.7, >= 4.7.0.2)
      gravtastic (~> 3.2, >= 3.2.6)
      jquery-rails (~> 4.3, >= 4.3.1)
      jquery-ui-rails (~> 6.0, >= 6.0.1)
      paper_trail (~> 7.1)
      pg (~> 0.21.0)
      rails (~> 5.1, >= 5.1.2)
      sass-rails (~> 5.0, >= 5.0.6)
      tinymce-rails (~> 4.6, >= 4.6.4)
      webpacker (~> 2.0)
    phctheme2 (5.7.2)
      bootstrap-sass (~> 3.3, >= 3.3.7)
      country_select (~> 3.0)
      font-awesome-rails (~> 4.7, >= 4.7.0.2)
      gravtastic (~> 3.2, >= 3.2.6)
      jquery-rails (~> 4.3, >= 4.3.1)
      jquery-ui-rails (~> 6.0, >= 6.0.1)
      paper_trail (~> 7.1)
      pg (~> 0.21.0)
      rails (~> 5.1, >= 5.1.2)
      sass-rails (~> 5.0, >= 5.0.6)
      tinymce-rails (~> 4.6, >= 4.6.4)
      webpacker (~> 2.0)
    phctitleseo (7.3.2)
      bootstrap-sass (~> 3.3, >= 3.3.7)
      font-awesome-rails (~> 4.7, >= 4.7.0.2)
      jquery-rails (~> 4.3, >= 4.3.1)
      jquery-ui-rails (~> 6.0, >= 6.0.1)
      paper_trail (~> 7.1)
      pg (~> 0.21.0)
      rails (~> 5.1, >= 5.1.2)
      sass-rails (~> 5.0, >= 5.0.6)
      webpacker (~> 2.0)
    public_suffix (2.0.5)
    rabl (0.13.1)
      activesupport (>= 2.3.14)
    rack (2.0.3)
    rack-test (0.6.3)
      rack (>= 1.0)
    rails (5.1.2)
      actioncable (= 5.1.2)
      actionmailer (= 5.1.2)
      actionpack (= 5.1.2)
      actionview (= 5.1.2)
      activejob (= 5.1.2)
      activemodel (= 5.1.2)
      activerecord (= 5.1.2)
      activesupport (= 5.1.2)
      bundler (>= 1.3.0, < 2.0)
      railties (= 5.1.2)
      sprockets-rails (>= 2.0.0)
    rails-dom-testing (2.0.3)
      activesupport (>= 4.2.0)
      nokogiri (>= 1.6)
    rails-html-sanitizer (1.0.3)
      loofah (~> 2.0)
    railties (5.1.2)
      actionpack (= 5.1.2)
      activesupport (= 5.1.2)
      method_source
      rake (>= 0.8.7)
      thor (>= 0.18.1, < 2.0)
    rake (12.0.0)
    rb-fsevent (0.10.2)
    rb-inotify (0.9.10)
      ffi (>= 0.5.0, < 2)
    request_store (1.3.2)
    responders (2.4.0)
      actionpack (>= 4.2.0, < 5.3)
      railties (>= 4.2.0, < 5.3)
    rest-client (2.0.2)
      http-cookie (>= 1.0.2, < 2.0)
      mime-types (>= 1.16, < 4.0)
      netrc (~> 0.8)
    rspec-core (3.6.0)
      rspec-support (~> 3.6.0)
    rspec-expectations (3.6.0)
      diff-lcs (>= 1.2.0, < 2.0)
      rspec-support (~> 3.6.0)
    rspec-mocks (3.6.0)
      diff-lcs (>= 1.2.0, < 2.0)
      rspec-support (~> 3.6.0)
    rspec-rails (3.6.0)
      actionpack (>= 3.0)
      activesupport (>= 3.0)
      railties (>= 3.0)
      rspec-core (~> 3.6.0)
      rspec-expectations (~> 3.6.0)
      rspec-mocks (~> 3.6.0)
      rspec-support (~> 3.6.0)
    rspec-support (3.6.0)
    rubyzip (1.2.1)
    sass (3.5.1)
      sass-listen (~> 4.0.0)
    sass-listen (4.0.0)
      rb-fsevent (~> 0.9, >= 0.9.4)
      rb-inotify (~> 0.9, >= 0.9.7)
    sass-rails (5.0.6)
      railties (>= 4.0.0, < 6)
      sass (~> 3.1)
      sprockets (>= 2.8, < 4.0)
      sprockets-rails (>= 2.0, < 4.0)
      tilt (>= 1.1, < 3)
    selenium-webdriver (3.4.4)
      childprocess (~> 0.5)
      rubyzip (~> 1.0)
    sixarm_ruby_unaccent (1.1.2)
    sort_alphabetical (1.1.0)
      unicode_utils (>= 1.2.2)
    sprockets (3.7.1)
      concurrent-ruby (~> 1.0)
      rack (> 1, < 3)
    sprockets-rails (3.2.0)
      actionpack (>= 4.0)
      activesupport (>= 4.0)
      sprockets (>= 3.0.0)
    sqlite3 (1.3.13)
    thor (0.19.4)
    thread_safe (0.3.6)
    tilt (2.0.7)
    tinymce-rails (4.6.4)
      railties (>= 3.1.1)
    tzinfo (1.2.3)
      thread_safe (~> 0.1)
    unf (0.1.4)
      unf_ext
    unf_ext (0.0.7.4)
    unicode_utils (1.4.0)
    webpacker (2.0)
      activesupport (>= 4.2)
      multi_json (~> 1.2)
      railties (>= 4.2)
    websocket-driver (0.6.5)
      websocket-extensions (>= 0.1.0)
    websocket-extensions (0.1.2)
    xpath (2.1.0)
      nokogiri (~> 1.3)

PLATFORMS
  ruby

DEPENDENCIES
  byebug (~> 9.0, >= 9.0.6)
  capybara (~> 2.14, >= 2.14.4)
  database_cleaner (~> 1.6, >= 1.6.1)
  factory_girl_rails (~> 4.8)
  faker (~> 1.8, >= 1.8.4)
  launchy (~> 2.4, >= 2.4.3)
  nokogiri (~> 1.8)
  phcscriptcdn!
  rspec-rails (~> 3.6)
  selenium-webdriver (~> 3.4, >= 3.4.4)
  sqlite3 (~> 1.3, >= 1.3.13)

BUNDLED WITH
   1.15.2
